GIT
  remote: https://github.com/CaptainM777/ruby-bot-operations.git
  revision: cb540b83b5e5fca2c6411dfc831a49631806b6b1
  branch: main
  specs:
    botoperations (0.1.0)

GIT
  remote: https://github.com/shardlab/discordrb.git
  revision: ad5dd1641f3653ca4e76d44f901adb42018e354e
  branch: main
  specs:
    discordrb (3.4.2)
      discordrb-webhooks (~> 3.4.2)
      ffi (>= 1.9.24)
      opus-ruby
      rest-client (>= 2.0.0)
      websocket-client-simple (>= 0.3.0)
    discordrb-webhooks (3.4.2)
      rest-client (>= 2.0.0)

GEM
  remote: https://rubygems.org/
  specs:
    concurrent-ruby (1.1.10)
    domain_name (0.5.20190701)
      unf (>= 0.0.5, < 1.0.0)
    et-orbi (1.2.7)
      tzinfo
    event_emitter (0.2.6)
    ffi (1.15.5)
    fugit (1.8.0)
      et-orbi (~> 1, >= 1.2.7)
      raabro (~> 1.4)
    http-accept (1.7.0)
    http-cookie (1.0.5)
      domain_name (~> 0.5)
    mime-types (3.4.1)
      mime-types-data (~> 3.2015)
    mime-types-data (3.2022.0105)
    mini_portile2 (2.8.1)
    netrc (0.11.0)
    opus-ruby (1.0.1)
      ffi
    raabro (1.4.0)
    rest-client (2.1.0)
      http-accept (>= 1.7.0, < 2.0)
      http-cookie (>= 1.0.2, < 2.0)
      mime-types (>= 1.16, < 4.0)
      netrc (~> 0.8)
    rufus-scheduler (3.8.2)
      fugit (~> 1.1, >= 1.1.6)
    sequel (5.64.0)
    sqlite3 (1.5.4)
      mini_portile2 (~> 2.8.0)
    tzinfo (2.0.5)
      concurrent-ruby (~> 1.0)
    unf (0.1.4)
      unf_ext
    unf_ext (0.0.8.2)
    webrick (1.7.0)
    websocket (1.2.9)
    websocket-client-simple (0.6.0)
      event_emitter
      websocket

PLATFORMS
  ruby

DEPENDENCIES
  botoperations (~> 0.1.0)!
  discordrb!
  rufus-scheduler
  sequel
  sqlite3
  webrick

BUNDLED WITH
   2.3.19
